GEM
  remote: https://rubygems.org/
  specs:
    ansi (1.5.0)
    ast (2.4.1)
    oga (3.3)
      ast
      ruby-ll (~> 2.1)
    rake (13.0.3)
    ruby-ll (2.1.2)
      ansi
      ast

PLATFORMS
  ruby

DEPENDENCIES
  oga (~> 3.0)
  rake (~> 13.0)

BUNDLED WITH
   2.1.4
